GEM
  remote: https://rubygems.org/
  specs:
    diff-lcs (1.6.2)
    json (2.6.3)
    mini_portile2 (2.8.9)
    nokogiri (1.15.7)
      mini_portile2 (~> 2.8.2)
      racc (~> 1.4)
    racc (1.8.1)
    rake (13.3.0)
    rspec (3.12.0)
      rspec-core (~> 3.12.0)
      rspec-expectations (~> 3.12.0)
      rspec-mocks (~> 3.12.0)
    rspec-core (3.12.3)
      rspec-support (~> 3.12.0)
    rspec-expectations (3.12.4)
      diff-lcs (>= 1.2.0, < 2.0)
      rspec-support (~> 3.12.0)
    rspec-mocks (3.12.7)
      diff-lcs (>= 1.2.0, < 2.0)
      rspec-support (~> 3.12.0)
    rspec-support (3.12.2)

PLATFORMS
  ruby
  x86_64-linux

DEPENDENCIES
  json (~> 2.6.3)
  nokogiri (~> 1.15.2)
  rake (~> 13.0)
  rspec (~> 3.12.0)

RUBY VERSION
   ruby 3.4.4p34

BUNDLED WITH
   2.6.9
